GEM
  remote: https://rubygems.org/
  specs:
    iron_consumer (0.0.2)
      iron_mq (>= 4.0.0)
      iron_worker_ng
    iron_core (1.0.3)
      rest (>= 2.6.4)
    iron_mq (4.0.5)
      iron_core (>= 0.5.1)
    iron_worker_ng (1.0.4)
      bundler
      iron_core (>= 1.0.0)
      rubyzip (= 0.9.9)
    mime-types (2.0)
    net-http-persistent (2.9)
    rest (2.6.5)
      net-http-persistent
      rest-client (>= 0.3.0)
    rest-client (1.6.7)
      mime-types (>= 1.16)
    rubyzip (0.9.9)

PLATFORMS
  ruby

DEPENDENCIES
  iron_consumer
